GEM
  remote: https://rubygems.org/
  specs:
    builder (3.2.2)
    conekta (0.5.4)
      bundler (~> 1.3)
      faraday
      json
      rake
      sys-uname
    faraday (0.9.2)
      multipart-post (>= 1.2, < 3)
    ffi (1.9.10)
    handlebars (0.7.0)
      handlebars-source (~> 3.0.0)
      therubyracer (~> 0.12.1)
    handlebars-source (3.0.3)
    i18n (0.7.0)
    json (1.8.3)
    libv8 (3.16.14.13)
    mail (2.6.3)
      mime-types (>= 1.16, < 3)
    mime-types (2.99)
    mini_portile (0.6.2)
    multipart-post (2.0.0)
    nokogiri (1.6.6.2)
      mini_portile (~> 0.6.0)
    pony (1.11)
      mail (>= 2.0)
    rack (1.6.4)
    rack-protection (1.5.3)
      rack
    rake (10.5.0)
    ref (2.0.0)
    shotgun (0.9.1)
      rack (>= 1.0)
    sinatra (1.4.6)
      rack (~> 1.4)
      rack-protection (~> 1.4)
      tilt (>= 1.3, < 3)
    sitemap_generator (5.1.0)
      builder
    sys-uname (1.0.2)
      ffi (>= 1.0.0)
    therubyracer (0.12.2)
      libv8 (~> 3.16.14.0)
      ref
    tilt (2.0.2)
    useragent (0.16.3)

PLATFORMS
  ruby

DEPENDENCIES
  conekta
  handlebars
  i18n
  json
  nokogiri
  pony
  shotgun
  sinatra (~> 1.4.6)
  sitemap_generator
  useragent
